GEM
  remote: https://rubygems.org/
  specs:
    mini_portile2 (2.8.1)
    minitest (5.18.0)
    nokogiri (1.14.2)
      mini_portile2 (~> 2.8.0)
      racc (~> 1.4)
    racc (1.6.2)
    rake (13.0.6)
    rake-compiler (1.2.1)
      rake

PLATFORMS
  ruby

DEPENDENCIES
  minitest (~> 5.10)
  nokogiri (~> 1.8)
  rake-compiler (~> 1.0)

BUNDLED WITH
   2.3.12
