GEM
  remote: https://rubygems.org/
  specs:
    mini_portile2 (2.5.3)
    minitest (5.14.4)
    nokogiri (1.11.7)
      mini_portile2 (~> 2.5.0)
      racc (~> 1.4)
    racc (1.5.2)
    rake (13.0.4)
    rake-compiler (1.1.1)
      rake

PLATFORMS
  ruby

DEPENDENCIES
  minitest (~> 5.10)
  nokogiri (~> 1.8)
  rake-compiler (~> 1.0)

BUNDLED WITH
   2.3.12
